PATH
  remote: .
  specs:
    jwt-authenticator (2.0.0)
      activesupport (>= 4.0, < 8.0)
      jwt (~> 2.1)
      method-not-implemented (~> 1.0)

GEM
  remote: https://rubygems.org/
  specs:
    activesupport (6.1.7.1)
      concurrent-ruby (~> 1.0, >= 1.0.2)
      i18n (>= 1.6, < 2)
      minitest (>= 5.1)
      tzinfo (~> 2.0)
      zeitwerk (~> 2.3)
    concurrent-ruby (1.1.10)
    i18n (1.12.0)
      concurrent-ruby (~> 1.0)
    jwt (2.2.3)
    method-not-implemented (1.0.1)
    minitest (5.15.0)
    power_assert (2.0.0)
    rake (12.3.3)
    test-unit (3.4.4)
      power_assert
    tzinfo (2.0.5)
      concurrent-ruby (~> 1.0)
    zeitwerk (2.6.6)

PLATFORMS
  ruby

DEPENDENCIES
  bundler (>= 1.7, < 3.0)
  jwt-authenticator!
  rake (~> 12.3)
  test-unit (~> 3.2)

BUNDLED WITH
   2.1.4
