PATH
  remote: .
  specs:
    jwt-authenticator (1.0.3)
      activesupport (>= 4.0, < 7.0)
      jwt (~> 2.1)
      method-not-implemented (~> 1.0)

GEM
  remote: https://rubygems.org/
  specs:
    activesupport (6.0.3.1)
      concurrent-ruby (~> 1.0, >= 1.0.2)
      i18n (>= 0.7, < 2)
      minitest (~> 5.1)
      tzinfo (~> 1.1)
      zeitwerk (~> 2.2, >= 2.2.2)
    concurrent-ruby (1.1.6)
    i18n (1.8.2)
      concurrent-ruby (~> 1.0)
    jwt (2.2.1)
    method-not-implemented (1.0.1)
    minitest (5.14.1)
    power_assert (1.1.4)
    rake (12.3.2)
    test-unit (3.3.3)
      power_assert
    thread_safe (0.3.6)
    tzinfo (1.2.7)
      thread_safe (~> 0.1)
    zeitwerk (2.3.0)

PLATFORMS
  ruby

DEPENDENCIES
  bundler (~> 1.7)
  jwt-authenticator!
  rake (~> 12.3)
  test-unit (~> 3.2)

BUNDLED WITH
   1.17.3
