PATH
  remote: .
  specs:
    jwt-authenticator (1.0.4)
      activesupport (>= 4.0, < 6.0)
      jwt (~> 2.1)
      method-not-implemented (~> 1.0)

GEM
  remote: https://rubygems.org/
  specs:
    activesupport (5.2.4.4)
      concurrent-ruby (~> 1.0, >= 1.0.2)
      i18n (>= 0.7, < 2)
      minitest (~> 5.1)
      tzinfo (~> 1.1)
    concurrent-ruby (1.1.7)
    i18n (1.8.5)
      concurrent-ruby (~> 1.0)
    jwt (2.2.2)
    method-not-implemented (1.0.1)
    minitest (5.14.2)
    power_assert (1.2.0)
    rake (12.3.3)
    test-unit (3.3.6)
      power_assert
    thread_safe (0.3.6)
    tzinfo (1.2.7)
      thread_safe (~> 0.1)

PLATFORMS
  ruby

DEPENDENCIES
  bundler (>= 1.7, < 3.0)
  jwt-authenticator!
  rake (~> 12.3)
  test-unit (~> 3.2)

BUNDLED WITH
   2.1.4
